PATH
  remote: .
  specs:
    statsd-client (0.0.3)

GEM
  remote: http://rubygems.org/
  specs:
    mocha (0.9.12)
    shoulda-context (1.0.0.beta1)

PLATFORMS
  ruby

DEPENDENCIES
  mocha
  shoulda-context
  statsd-client!
